PATH
  remote: .
  specs:
    mongo_mapper (0.8.6)
      activesupport (>= 2.3.4)
      jnunemaker-validatable (~> 1.8.4)
      plucky (~> 0.3.6)

GEM
  remote: https://rubygems.org/
  specs:
    activemodel (3.0.0)
      activesupport (= 3.0.0)
      builder (~> 2.1.2)
      i18n (~> 0.4.1)
    activesupport (3.0.0)
    ansi (1.2.2)
    bson (1.1)
    bson_ext (1.1)
    builder (2.1.2)
    columnize (0.3.2)
    debugger (1.3.3)
      columnize (>= 0.3.1)
      debugger-linecache (~> 1.1.1)
      debugger-ruby_core_source (~> 1.2.0)
    debugger-linecache (1.1.2)
      debugger-ruby_core_source (>= 1.1.1)
    debugger-ruby_core_source (1.2.0)
    hoe (3.4.0)
      rake (>= 0.8, < 11.0)
    i18n (0.4.2)
    jnunemaker-matchy (0.4.0)
    jnunemaker-validatable (1.8.4)
      activesupport (>= 2.3.4)
    json (1.4.6)
    linecache (0.43)
    log_buddy (0.5.0)
    mocha (0.9.8)
      rake
    mongo (1.1)
      bson (>= 1.0.5)
    plucky (0.3.6)
      mongo (~> 1.1)
    rack (1.2.1)
    rack-test (0.5.7)
      rack (>= 1.0)
    rake (0.8.7)
    ruby-debug (0.10.4)
      columnize (>= 0.1)
      ruby-debug-base (~> 0.10.4.0)
    ruby-debug-base (0.10.4)
      linecache (>= 0.3)
    shoulda (2.11.3)
    test-unit (1.2.3)
      hoe (>= 1.5.1)
    timecop (0.3.5)
    turn (0.8.1)
      ansi (>= 1.2.2)
    tzinfo (0.3.23)

PLATFORMS
  ruby

DEPENDENCIES
  activemodel
  bson_ext (~> 1.1)
  debugger
  i18n
  jnunemaker-matchy (~> 0.4.0)
  json
  log_buddy
  mocha (~> 0.9.8)
  mongo_mapper!
  rack-test
  ruby-debug
  shoulda (~> 2.11)
  test-unit
  timecop (~> 0.3.1)
  turn (~> 0.8.1)
  tzinfo
